GEM
  remote: http://gems.github.com/
  remote: http://rubygems.org/
  specs:
    domain_name (0.5.2)
      unf (~> 0.0.3)
    mechanize (2.3)
      domain_name (>= 0.5.1, ~> 0.5)
      mime-types (>= 1.17.2, ~> 1.17)
      net-http-digest_auth (>= 1.1.1, ~> 1.1)
      net-http-persistent (>= 2.5.2, ~> 2.5)
      nokogiri (~> 1.4)
      ntlm-http (>= 0.1.1, ~> 0.1)
      webrobots (>= 0.0.9, ~> 0.0)
    mime-types (1.18)
    net-http-digest_auth (1.2)
    net-http-persistent (2.5.2)
    nokogiri (1.5.4)
    ntlm-http (0.1.1)
    typhoeus (0.3.3)
      mime-types
    unf (0.0.5)
      unf_ext
    unf_ext (0.0.4)
    webrobots (0.0.13)

PLATFORMS
  ruby

DEPENDENCIES
  mechanize
  nokogiri
  typhoeus
